GEM
  remote: https://rubygems.org/
  specs:
    archive-tar-minitar (0.5.2)
    childprocess (0.3.9)
      ffi (~> 1.0, >= 1.0.11)
    daemons (1.1.9)
    erubis (2.7.0)
    eventmachine (1.0.3)
    ffi (1.9.0)
    i18n (0.6.4)
    json (1.7.7)
    log4r (1.1.10)
    net-scp (1.0.4)
      net-ssh (>= 1.99.1)
    net-ssh (2.2.2)
    rainbow (1.1.4)
    rexec (1.5.1)
      rainbow
    rubydns (0.6.3)
      eventmachine (~> 1.0.0)
      rexec (~> 1.5.1)
    vagrant (1.0.7)
      archive-tar-minitar (= 0.5.2)
      childprocess (~> 0.3.1)
      erubis (~> 2.7.0)
      i18n (~> 0.6.0)
      json (>= 1.5.1, < 1.8.0)
      log4r (~> 1.1.9)
      net-scp (~> 1.0.4)
      net-ssh (~> 2.2.2)
    vagrant-dns (0.4.0)
      daemons
      rubydns (~> 0.6.0)

PLATFORMS
  ruby

DEPENDENCIES
  vagrant
  vagrant-dns
